GEM
  remote: https://rubygems.org/
  specs:
    activemodel (3.2.22.5)
      activesupport (= 3.2.22.5)
      builder (~> 3.0.0)
    activerecord (3.2.22.5)
      activemodel (= 3.2.22.5)
      activesupport (= 3.2.22.5)
      arel (~> 3.0.2)
      tzinfo (~> 0.3.29)
    activerecord-jdbc-adapter (1.3.22)
      activerecord (>= 2.2)
    activesupport (3.2.22.5)
      i18n (~> 0.6, >= 0.6.4)
      multi_json (~> 1.0)
    arel (3.0.3)
    builder (3.0.4)
    cuba (3.8.0)
      rack (>= 1.6.0)
    i18n (0.7.0)
    jdbc-postgres (9.4.1206)
    multi_json (1.12.1)
    rack (2.0.1)
    tzinfo (0.3.52)

PLATFORMS
  java

DEPENDENCIES
  activerecord (~> 3.2.18)
  activerecord-jdbc-adapter
  cuba
  jdbc-postgres

BUNDLED WITH
   1.14.3
