GEM
  remote: https://rubygems.org/
  specs:
    activemodel (3.2.22.5)
      activesupport (= 3.2.22.5)
      builder (~> 3.0.0)
    activerecord (3.2.22.5)
      activemodel (= 3.2.22.5)
      activesupport (= 3.2.22.5)
      arel (~> 3.0.2)
      tzinfo (~> 0.3.29)
    activerecord-jdbc-adapter (1.3.22)
      activerecord (>= 2.2)
    activesupport (3.2.22.5)
      i18n (~> 0.6, >= 0.6.4)
      multi_json (~> 1.0)
    arel (3.0.3)
    builder (3.0.4)
    coderay (1.1.1)
    cuba (3.8.0)
      rack (>= 1.6.0)
    diff-lcs (1.3)
    ffi (1.9.17-java)
    i18n (0.7.0)
    jdbc-postgres (9.4.1206)
    jdbc-sqlite3 (3.15.1)
    method_source (0.8.2)
    multi_json (1.12.1)
    pry (0.10.4-java)
      coderay (~> 1.1.0)
      method_source (~> 0.8.1)
      slop (~> 3.4)
      spoon (~> 0.0)
    rack (2.0.1)
    rspec (3.5.0)
      rspec-core (~> 3.5.0)
      rspec-expectations (~> 3.5.0)
      rspec-mocks (~> 3.5.0)
    rspec-core (3.5.4)
      rspec-support (~> 3.5.0)
    rspec-expectations (3.5.0)
      diff-lcs (>= 1.2.0, < 2.0)
      rspec-support (~> 3.5.0)
    rspec-mocks (3.5.0)
      diff-lcs (>= 1.2.0, < 2.0)
      rspec-support (~> 3.5.0)
    rspec-support (3.5.0)
    slop (3.6.0)
    spoon (0.0.6)
      ffi
    tzinfo (0.3.52)

PLATFORMS
  java

DEPENDENCIES
  activerecord (~> 3.2.18)
  activerecord-jdbc-adapter
  cuba
  jdbc-postgres
  jdbc-sqlite3
  pry
  rspec

BUNDLED WITH
   1.14.3
