GEM
  remote: https://rubygems.org/
  specs:
    activemodel (4.2.7.1)
      activesupport (= 4.2.7.1)
      builder (~> 3.1)
    activerecord (4.2.7.1)
      activemodel (= 4.2.7.1)
      activesupport (= 4.2.7.1)
      arel (~> 6.0)
    activerecord-jdbc-adapter (1.3.22)
      activerecord (>= 2.2)
    activerecord-jdbcmssql-adapter (1.3.22)
      activerecord-jdbc-adapter (~> 1.3.22)
      jdbc-jtds (>= 1.2.7)
    activesupport (4.2.7.1)
      i18n (~> 0.7)
      json (~> 1.7, >= 1.7.7)
      minitest (~> 5.1)
      thread_safe (~> 0.3, >= 0.3.4)
      tzinfo (~> 1.1)
    arel (6.0.4)
    builder (3.2.3)
    coderay (1.1.1)
    cuba (3.8.0)
      rack (>= 1.6.0)
    diff-lcs (1.3)
    ffi (1.9.17-java)
    i18n (0.7.0)
    jdbc-jtds (1.3.1)
    jdbc-mssql-azure (0.0.2)
    jdbc-sqlite3 (3.15.1)
    json (1.8.6-java)
    method_source (0.8.2)
    minitest (5.10.1)
    pry (0.10.4-java)
      coderay (~> 1.1.0)
      method_source (~> 0.8.1)
      slop (~> 3.4)
      spoon (~> 0.0)
    puma (3.7.0-java)
    rack (2.0.1)
    rack-cors (0.4.0)
    rspec (3.5.0)
      rspec-core (~> 3.5.0)
      rspec-expectations (~> 3.5.0)
      rspec-mocks (~> 3.5.0)
    rspec-core (3.5.4)
      rspec-support (~> 3.5.0)
    rspec-expectations (3.5.0)
      diff-lcs (>= 1.2.0, < 2.0)
      rspec-support (~> 3.5.0)
    rspec-mocks (3.5.0)
      diff-lcs (>= 1.2.0, < 2.0)
      rspec-support (~> 3.5.0)
    rspec-support (3.5.0)
    slop (3.6.0)
    spoon (0.0.6)
      ffi
    thread_safe (0.3.5-java)
    tzinfo (1.2.2)
      thread_safe (~> 0.1)

PLATFORMS
  java

DEPENDENCIES
  activerecord (~> 4)
  activerecord-jdbc-adapter
  activerecord-jdbcmssql-adapter
  cuba
  jdbc-mssql-azure
  jdbc-sqlite3
  pry
  puma
  rack-cors
  rspec

BUNDLED WITH
   1.14.6
